GIT
  remote: git://github.com/Nerian/bootstrap-datepicker-rails.git
<<<<<<< HEAD
  revision: 7e394137813970fa7c8044f1d0b69322b77af5f6
=======
  revision: 9ffa3c6418d21394e05892506ca4931d1285373f
>>>>>>> ccede0020a94bfc95d0b555b99297784cd882d81
  specs:
    bootstrap-datepicker-rails (1.3.0.1)
      railties (>= 3.0)

GIT
  remote: git://github.com/rweng/jquery-datatables-rails.git
<<<<<<< HEAD
  revision: 788a7b24caf8fe58a5493aa3f6a065879a9f752a
  specs:
    jquery-datatables-rails (1.12.2)
      jquery-rails
      sass-rails
=======
  revision: 44b0448193d4856847e47fb2a245bdd51a4bb2fa
  specs:
    jquery-datatables-rails (1.12.2)
      jquery-rails
>>>>>>> ccede0020a94bfc95d0b555b99297784cd882d81

GEM
  remote: https://rubygems.org/
  specs:
<<<<<<< HEAD
    actionmailer (3.2.17)
      actionpack (= 3.2.17)
      mail (~> 2.5.4)
    actionpack (3.2.17)
      activemodel (= 3.2.17)
      activesupport (= 3.2.17)
=======
    actionmailer (3.2.14)
      actionpack (= 3.2.14)
      mail (~> 2.5.4)
    actionpack (3.2.14)
      activemodel (= 3.2.14)
      activesupport (= 3.2.14)
>>>>>>> ccede0020a94bfc95d0b555b99297784cd882d81
      builder (~> 3.0.0)
      erubis (~> 2.7.0)
      journey (~> 1.0.4)
      rack (~> 1.4.5)
      rack-cache (~> 1.2)
      rack-test (~> 0.6.1)
      sprockets (~> 2.2.1)
<<<<<<< HEAD
    activemodel (3.2.17)
      activesupport (= 3.2.17)
      builder (~> 3.0.0)
    activerecord (3.2.17)
      activemodel (= 3.2.17)
      activesupport (= 3.2.17)
      arel (~> 3.0.2)
      tzinfo (~> 0.3.29)
    activeresource (3.2.17)
      activemodel (= 3.2.17)
      activesupport (= 3.2.17)
    activesupport (3.2.17)
      i18n (~> 0.6, >= 0.6.4)
      multi_json (~> 1.0)
    annotate (2.6.2)
      activerecord (>= 2.3.0)
      rake (>= 0.8.7)
    arel (3.0.3)
    atomic (1.1.16)
    bcrypt (3.1.7)
    bcrypt-ruby (3.1.5)
      bcrypt (>= 3.1.3)
    better_errors (1.1.0)
=======
    activemodel (3.2.14)
      activesupport (= 3.2.14)
      builder (~> 3.0.0)
    activerecord (3.2.14)
      activemodel (= 3.2.14)
      activesupport (= 3.2.14)
      arel (~> 3.0.2)
      tzinfo (~> 0.3.29)
    activeresource (3.2.14)
      activemodel (= 3.2.14)
      activesupport (= 3.2.14)
    activesupport (3.2.14)
      i18n (~> 0.6, >= 0.6.4)
      multi_json (~> 1.0)
    annotate (2.6.1)
      activerecord (>= 2.3.0)
      rake (>= 0.8.7)
    arel (3.0.3)
    atomic (1.1.14)
    bcrypt-ruby (3.1.2)
    better_errors (1.0.1)
>>>>>>> ccede0020a94bfc95d0b555b99297784cd882d81
      coderay (>= 1.0.0)
      erubis (>= 2.6.6)
    builder (3.0.4)
    callsite (0.0.11)
    cancan (1.6.10)
    choice (0.1.6)
    coderay (1.1.0)
    coffee-rails (3.2.2)
      coffee-script (>= 2.2.0)
      railties (~> 3.2.0)
    coffee-script (2.2.0)
      coffee-script-source
      execjs
<<<<<<< HEAD
    coffee-script-source (1.7.0)
=======
    coffee-script-source (1.6.3)
>>>>>>> ccede0020a94bfc95d0b555b99297784cd882d81
    daemons (1.1.9)
    devise (3.2.0)
      bcrypt-ruby (~> 3.0)
      orm_adapter (~> 0.1)
      railties (>= 3.2.6, < 5)
      thread_safe (~> 0.1)
      warden (~> 1.2.3)
    dynamic_form (1.1.4)
    erubis (2.7.0)
    eventmachine (1.0.3)
    execjs (2.0.2)
<<<<<<< HEAD
    faker (1.3.0)
=======
    faker (1.2.0)
>>>>>>> ccede0020a94bfc95d0b555b99297784cd882d81
      i18n (~> 0.5)
    hike (1.2.3)
    i18n (0.6.9)
    journey (1.0.4)
<<<<<<< HEAD
    jquery-rails (3.1.0)
      railties (>= 3.0, < 5.0)
      thor (>= 0.14, < 2.0)
    jquery-ui-rails (4.2.0)
      railties (>= 3.2.16)
=======
    jquery-rails (3.0.4)
      railties (>= 3.0, < 5.0)
      thor (>= 0.14, < 2.0)
    jquery-ui-rails (4.1.1)
      railties (>= 3.1.0)
>>>>>>> ccede0020a94bfc95d0b555b99297784cd882d81
    json (1.8.1)
    libv8 (3.16.14.3)
    mail (2.5.4)
      mime-types (~> 1.16)
      treetop (~> 1.4.8)
    meta_request (0.2.8)
      callsite
      rack-contrib
      railties
    method_source (0.8.2)
    mime-types (1.25.1)
<<<<<<< HEAD
    multi_json (1.9.2)
    orm_adapter (0.5.0)
    paper_trail (3.0.1)
      activerecord (>= 3.0, < 5.0)
      activesupport (>= 3.0, < 5.0)
    pg (0.17.1)
    polyglot (0.3.4)
=======
    multi_json (1.8.4)
    orm_adapter (0.5.0)
    paper_trail (3.0.0)
      activerecord (>= 3.0, < 5.0)
      activesupport (>= 3.0, < 5.0)
    pg (0.17.1)
    polyglot (0.3.3)
>>>>>>> ccede0020a94bfc95d0b555b99297784cd882d81
    pry (0.9.12.6)
      coderay (~> 1.0)
      method_source (~> 0.8)
      slop (~> 3.4)
    pry-rails (0.3.2)
      pry (>= 0.9.10)
    public_activity (1.4.1)
      actionpack (>= 3.0.0)
      activerecord (>= 3.0)
      i18n (>= 0.5.0)
      railties (>= 3.0.0)
    quiet_assets (1.0.2)
      railties (>= 3.1, < 5.0)
    rack (1.4.5)
    rack-cache (1.2)
      rack (>= 0.4)
    rack-contrib (1.1.0)
      rack (>= 0.9.1)
<<<<<<< HEAD
    rack-ssl (1.3.4)
=======
    rack-ssl (1.3.3)
>>>>>>> ccede0020a94bfc95d0b555b99297784cd882d81
      rack
    rack-test (0.6.2)
      rack (>= 1.0)
    railroady (1.1.1)
<<<<<<< HEAD
    rails (3.2.17)
      actionmailer (= 3.2.17)
      actionpack (= 3.2.17)
      activerecord (= 3.2.17)
      activeresource (= 3.2.17)
      activesupport (= 3.2.17)
      bundler (~> 1.0)
      railties (= 3.2.17)
=======
    rails (3.2.14)
      actionmailer (= 3.2.14)
      actionpack (= 3.2.14)
      activerecord (= 3.2.14)
      activeresource (= 3.2.14)
      activesupport (= 3.2.14)
      bundler (~> 1.0)
      railties (= 3.2.14)
>>>>>>> ccede0020a94bfc95d0b555b99297784cd882d81
    rails-erd (1.1.0)
      activerecord (>= 3.0)
      activesupport (>= 3.0)
      choice (~> 0.1.6)
      ruby-graphviz (~> 1.0.4)
    rails_12factor (0.0.2)
      rails_serve_static_assets
      rails_stdout_logging
    rails_serve_static_assets (0.0.2)
    rails_stdout_logging (0.0.3)
<<<<<<< HEAD
    railties (3.2.17)
      actionpack (= 3.2.17)
      activesupport (= 3.2.17)
=======
    railties (3.2.14)
      actionpack (= 3.2.14)
      activesupport (= 3.2.14)
>>>>>>> ccede0020a94bfc95d0b555b99297784cd882d81
      rack-ssl (~> 1.3.2)
      rake (>= 0.8.7)
      rdoc (~> 3.4)
      thor (>= 0.14.6, < 2.0)
<<<<<<< HEAD
    rake (10.2.2)
=======
    rake (10.1.1)
>>>>>>> ccede0020a94bfc95d0b555b99297784cd882d81
    rdoc (3.12.2)
      json (~> 1.4)
    ref (1.0.5)
    ruby-graphviz (1.0.9)
<<<<<<< HEAD
    sass (3.3.4)
=======
    sass (3.2.13)
>>>>>>> ccede0020a94bfc95d0b555b99297784cd882d81
    sass-rails (3.2.6)
      railties (~> 3.2.0)
      sass (>= 3.1.10)
      tilt (~> 1.3)
    simple_form (2.1.0)
      actionpack (~> 3.0)
      activemodel (~> 3.0)
<<<<<<< HEAD
    slop (3.5.0)
=======
    slop (3.4.7)
>>>>>>> ccede0020a94bfc95d0b555b99297784cd882d81
    sprockets (2.2.2)
      hike (~> 1.2)
      multi_json (~> 1.0)
      rack (~> 1.0)
      tilt (~> 1.1, != 1.3.0)
    therubyracer (0.12.1)
      libv8 (~> 3.16.14.0)
      ref
<<<<<<< HEAD
    thin (1.6.2)
      daemons (>= 1.0.9)
      eventmachine (>= 1.0.0)
      rack (>= 1.0.0)
    thor (0.19.1)
    thread_safe (0.3.1)
      atomic (>= 1.1.7, < 2)
=======
    thin (1.6.1)
      daemons (>= 1.0.9)
      eventmachine (>= 1.0.0)
      rack (>= 1.0.0)
    thor (0.18.1)
    thread_safe (0.1.3)
      atomic
>>>>>>> ccede0020a94bfc95d0b555b99297784cd882d81
    tilt (1.4.1)
    toastr-rails (1.0.3)
      railties (>= 3.1.0)
    treetop (1.4.15)
      polyglot
      polyglot (>= 0.3.1)
<<<<<<< HEAD
    tzinfo (0.3.39)
    uglifier (2.5.0)
=======
    tzinfo (0.3.38)
    uglifier (2.4.0)
>>>>>>> ccede0020a94bfc95d0b555b99297784cd882d81
      execjs (>= 0.3.0)
      json (>= 1.8.0)
    warden (1.2.3)
      rack (>= 1.0)
    will_paginate (3.0.5)

PLATFORMS
  ruby

DEPENDENCIES
  annotate (>= 2.6.0)
  better_errors
  bootstrap-datepicker-rails!
  cancan (= 1.6.10)
  coffee-rails (~> 3.2.1)
  devise (= 3.2)
  dynamic_form
  faker
  jquery-datatables-rails!
  jquery-rails
  jquery-ui-rails
  meta_request
  paper_trail (~> 3.0.0)
  pg
  pry-rails
  public_activity (= 1.4.1)
  quiet_assets
  railroady
<<<<<<< HEAD
  rails (= 3.2.17)
=======
  rails (= 3.2.14)
>>>>>>> ccede0020a94bfc95d0b555b99297784cd882d81
  rails-erd
  rails_12factor
  sass-rails (~> 3.2.3)
  simple_form (= 2.1.0)
  therubyracer
  thin
  toastr-rails
  uglifier (>= 1.0.3)
  will_paginate (~> 3.0)
